{
  "InstitutionAddress": "9500 Gilman Drive, La Jolla CA 92093, USA",
  "InstitutionName": "University of California, San Diego",
  "InstitutionalDepartmentName": "Institute of Neural Computation",
  "PowerLineFrequency": 60,
  "ManufacturersModelName": "EGI",
  "TaskName": "mixed",
  "EEGChannelCount": 129,
  "EEGReference": "common",
  "RecordingType": "continuous",
  "RecordingDuration": 39.996,
  "SamplingFrequency": 250,
  "EOGChannelCount": 0,
  "ECGChannelCount": 0,
  "EMGChannelCount": 0,
  "SoftwareFilters": "n/a"
}